Brain Vision Data Exchange Header File Version 1.0
; Data created by the Vision Recorder

[Common Infos]
Codepage=UTF-8
DataFile=Blink_visual_matrix_04_12_17_02.eeg
MarkerFile=Blink_visual_matrix_04_12_17_02.vmrk
DataFormat=BINARY
; Data orientation: MULTIPLEXED=ch1,pt1, ch2,pt1 ...
DataOrientation=MULTIPLEXED
NumberOfChannels=5
; Sampling interval in microseconds
SamplingInterval=1000

[Binary Infos]
BinaryFormat=IEEE_FLOAT_32

[Channel Infos]
; Each entry: Ch<Channel number>=<Name>,<Reference channel name>,
; <Resolution in "Unit">,<Unit>, Future extensions..
; Fields are delimited by commas, some fields might be omitted (empty).
; Commas in channel names are coded as "\1".
Ch1=Fp1,,0.0488281,µV
Ch2=Fp2,,0.0488281,µV
Ch3=Fz,,0.0488281,µV
Ch4=Cz,,0.0488281,µV
Ch5=Pz,,0.0488281,µV

[Comment]

BrainVision Recorder Professional   -   V. 1.21.0102


A m p l i f i e r  S e t u p
============================
Number of channels: 5
Sampling Rate [Hz]: 1000
Sampling Interval [µS]: 1000

Channels
--------
#     Name      Phys. Chn.    Resolution / Unit   Low Cutoff [s]   High Cutoff [Hz]   Notch [Hz]    Gradient         Offset
1     Fp1         9          0.0488281 µV             DC                0              Off
2     Fp2         2          0.0488281 µV             DC                0              Off
3     Fz          15         0.0488281 µV             DC                0              Off
4     Cz          13         0.0488281 µV             DC                0              Off
5     Pz          16         0.0488281 µV             DC                0              Off

Invert AUX Channel Polarity = No

S o f t w a r e  F i l t e r s
==============================
#     Low Cutoff [s]   High Cutoff [Hz]   Notch [Hz]
1      Off              250                Off
2      Off              250                Off
3      Off              250                Off
4      Off              250                Off
5      Off              250                Off


Data / Ref / Gnd Electrodes Selected Impedance Measurement Range: 0 - 2 kOhm
Impedance [kOhm] at 16:59:44 :
Fp1:          0
Fp2:          2
Fz:           3
Cz:           1
Pz:           1
Ref:          0
Gnd:          2

Invert AUX Channel Polarity = No

Invert AUX Channel Polarity = No

Invert AUX Channel Polarity = No

Invert AUX Channel Polarity = No

Invert AUX Channel Polarity = No

Invert AUX Channel Polarity = No
17:27:34  Error: Data Buffer Overflow!
